PATH
  remote: .
  specs:
    configature (0.3.7)

GEM
  remote: https://rubygems.org/
  specs:
    diff-lcs (1.5.0)
    rake (13.0.6)
    rspec (3.11.0)
      rspec-core (~> 3.11.0)
      rspec-expectations (~> 3.11.0)
      rspec-mocks (~> 3.11.0)
    rspec-core (3.11.0)
      rspec-support (~> 3.11.0)
    rspec-expectations (3.11.0)
      diff-lcs (>= 1.2.0, < 2.0)
      rspec-support (~> 3.11.0)
    rspec-mocks (3.11.1)
      diff-lcs (>= 1.2.0, < 2.0)
      rspec-support (~> 3.11.0)
    rspec-support (3.11.0)

PLATFORMS
  arm64-darwin-21

DEPENDENCIES
  bundler
  configature!
  rake
  rspec
  rspec-core

RUBY VERSION
   ruby 3.1.2p20

BUNDLED WITH
   2.3.15
